ObjectType = Image
NDims = 3
BinaryData = True
BinaryDataByteOrderMSB = False
CompressedData = True
CompressedDataSize = 1039157
TransformMatrix = 1 0 0 0 1 0 0 0 1
Offset = -175.594 -68.9637 996.2
CenterOfRotation = 0 0 0
AnatomicalOrientation = RAI
ElementSpacing = 0.78125 0.78125 0.7
DimSize = 420 306 417
ElementType = MET_INT
ElementDataFile = 1.2.840.113704.1.111.208.1137518216_consensusAnnotations.zraw
