ObjectType = Image
NDims = 3
BinaryData = True
BinaryDataByteOrderMSB = False
CompressedData = False
TransformMatrix = 1 0 0 0 1 0 0 0 1
Offset = -217.773 -219.726 -415
CenterOfRotation = 0 0 0
AnatomicalOrientation = RAI
ElementSpacing = 0.858 0.858 1
DimSize = 512 512 426
ElementType = MET_SHORT
ElementDataFile = VESSEL12_04.raw
