ObjectType = Image
NDims = 3
BinaryData = True
BinaryDataByteOrderMSB = False
CompressedData = False
TransformMatrix = 1 0 0 0 1 0 0 0 1
Offset = -187.5 -169.921 2322
CenterOfRotation = 0 0 0
AnatomicalOrientation = RAI
ElementSpacing = 0.77 0.77 1
DimSize = 512 512 421
ElementType = MET_SHORT
ElementDataFile = VESSEL12_11.raw
