ObjectType = Image
NDims = 3
BinaryData = True
BinaryDataByteOrderMSB = False
CompressedData = False
TransformMatrix = 1 0 0 0 1 0 0 0 1
Offset = -163.684 -330.074 -1030
CenterOfRotation = 0 0 0
AnatomicalOrientation = RAI
ElementSpacing = 0.632812 0.632812 1
DimSize = 512 512 375
ElementType = MET_SHORT
ElementDataFile = VESSEL12_06.raw
