ObjectType = Image
NDims = 3
BinaryData = True
BinaryDataByteOrderMSB = False
CompressedData = False
TransformMatrix = 1 0 0 0 1 0 0 0 1
Offset = -193.118 -371.618 162.5
CenterOfRotation = 0 0 0
AnatomicalOrientation = RAI
ElementSpacing = 0.763672 0.763672 1
DimSize = 512 512 355
ElementType = MET_SHORT
ElementDataFile = VESSEL12_01.raw
