ObjectType = Image
NDims = 3
BinaryData = True
BinaryDataByteOrderMSB = False
CompressedData = True
CompressedDataSize = 90944649
TransformMatrix = 1 0 0 0 1 0 0 0 1
Offset = -149.855 -36.2039 -1255.5
CenterOfRotation = 0 0 0
AnatomicalOrientation = RAI
ElementSpacing = 0.703125 0.703125 0.7
DimSize = 424 354 480
ElementType = MET_SHORT
ElementDataFile = 1.2.840.113704.1.111.1452.1114255885.7.zraw
