ObjectType = Image
NDims = 3
BinaryData = True
BinaryDataByteOrderMSB = False
CompressedData = True
CompressedDataSize = 75765618
TransformMatrix = 1 0 0 0 1 0 0 0 1
Offset = -163.736 -7.0359 -1218.1
CenterOfRotation = 0 0 0
AnatomicalOrientation = RAI
ElementSpacing = 0.683594 0.683594 0.7
DimSize = 444 326 414
ElementType = MET_SHORT
ElementDataFile = 1.2.840.113704.1.111.7092.1087039130.7.zraw
