ObjectType = Image
NDims = 3
BinaryData = True
BinaryDataByteOrderMSB = False
CompressedData = True
CompressedDataSize = 87304836
TransformMatrix = 1 0 0 0 1 0 0 0 1
Offset = -164.186 -24.4742 -1258.5
CenterOfRotation = 0 0 0
AnatomicalOrientation = RAI
ElementSpacing = 0.667969 0.667969 0.7
DimSize = 490 346 403
ElementType = MET_SHORT
ElementDataFile = 1.2.840.113704.1.111.480.1112425214.7.zraw
