ObjectType = Image
NDims = 3
BinaryData = True
BinaryDataByteOrderMSB = False
CompressedData = True
CompressedDataSize = 78899603
TransformMatrix = 1 0 0 0 1 0 0 0 1
Offset = -193.752 -113.694 -1112.4
CenterOfRotation = 0 0 0
AnatomicalOrientation = RAI
ElementSpacing = 0.810547 0.810547 0.7
DimSize = 444 292 449
ElementType = MET_SHORT
ElementDataFile = 1.2.840.113704.1.111.5700.1082205524.7.zraw
