ObjectType = Image
NDims = 3
BinaryData = True
BinaryDataByteOrderMSB = False
CompressedData = True
CompressedDataSize = 66772502
TransformMatrix = 0.999999 0 0 0 0.999999 0 0 0 1
Offset = -157.123 -82.1047 -1158.7
CenterOfRotation = 0 0 0
AnatomicalOrientation = RAI
ElementSpacing = 0.708984 0.708984 0.7
DimSize = 426 266 450
ElementType = MET_SHORT
ElementDataFile = 1.2.840.113704.1.111.3300.1120308766.7.zraw
