ObjectType = Image
NDims = 3
BinaryData = True
BinaryDataByteOrderMSB = False
CompressedData = True
CompressedDataSize = 70588776
TransformMatrix = 1 0 0 0 1 0 0 0 1
Offset = -151.889 -18.8067 -1194.2
CenterOfRotation = 0 0 0
AnatomicalOrientation = RAI
ElementSpacing = 0.767578 0.767578 0.7
DimSize = 424 268 471
ElementType = MET_SHORT
ElementDataFile = 1.2.840.113704.1.111.5964.1132388375.7.zraw
