ObjectType = Image
NDims = 3
BinaryData = True
BinaryDataByteOrderMSB = False
CompressedData = True
CompressedDataSize = 69702775
TransformMatrix = 1 0 0 0 1 0 0 0 1
Offset = -165.406 -44.1563 -318.5
CenterOfRotation = 0 0 0
AnatomicalOrientation = RAI
ElementSpacing = 0.78125 0.78125 0.7
DimSize = 420 302 419
ElementType = MET_SHORT
ElementDataFile = 1.2.840.113704.1.111.2064.1140250077.7.zraw
