ObjectType = Image
NDims = 3
BinaryData = True
BinaryDataByteOrderMSB = False
CompressedData = True
CompressedDataSize = 77579902
TransformMatrix = 1 0 0 0 1 0 0 0 1
Offset = -169.308 -26.1389 -407.8
CenterOfRotation = 0 0 0
AnatomicalOrientation = RAI
ElementSpacing = 0.703125 0.703125 0.7
DimSize = 456 312 401
ElementType = MET_SHORT
ElementDataFile = 1.2.840.113704.1.111.7664.1148309287.8.zraw
