ObjectType = Image
NDims = 3
BinaryData = True
BinaryDataByteOrderMSB = False
CompressedData = True
CompressedDataSize = 73714721
TransformMatrix = 1 0 0 0 1 0 0 0 1
Offset = -157.334 -90.0045 -1238.2
CenterOfRotation = 0 0 0
AnatomicalOrientation = RAI
ElementSpacing = 0.730469 0.730469 0.7
DimSize = 438 306 418
ElementType = MET_SHORT
ElementDataFile = 1.2.840.113704.1.111.7616.1109411637.9.zraw
