ObjectType = Image
NDims = 3
BinaryData = True
BinaryDataByteOrderMSB = False
CompressedData = True
CompressedDataSize = 77090077
TransformMatrix = 1 0 0 0 1 0 0 0 1
Offset = -151.525 -97.9043 -1223.3
CenterOfRotation = 0 0 0
AnatomicalOrientation = RAI
ElementSpacing = 0.666016 0.666016 0.7
DimSize = 440 306 443
ElementType = MET_SHORT
ElementDataFile = 1.2.840.113704.1.111.2888.1114238874.7.zraw
