ObjectType = Image
NDims = 3
BinaryData = True
BinaryDataByteOrderMSB = False
CompressedData = True
CompressedDataSize = 90334222
TransformMatrix = 1 0 0 0 1 0 0 0 1
Offset = -156.701 13.5567 -306.5
CenterOfRotation = 0 0 0
AnatomicalOrientation = RAI
ElementSpacing = 0.697266 0.697266 0.7
DimSize = 442 348 429
ElementType = MET_SHORT
ElementDataFile = 1.2.840.113704.1.111.2540.1175258140.7.zraw
