ObjectType = Image
NDims = 3
BinaryData = True
BinaryDataByteOrderMSB = False
CompressedData = True
CompressedDataSize = 79183781
TransformMatrix = 1 0 0 0 1 0 0 0 1
Offset = -164.641 -113.203 -1070
CenterOfRotation = 0 0 0
AnatomicalOrientation = RAI
ElementSpacing = 0.703125 0.703125 0.7
DimSize = 472 314 409
ElementType = MET_SHORT
ElementDataFile = 1.2.840.113704.1.111.1068.1103364672.7.zraw
