ObjectType = Image
NDims = 3
BinaryData = True
BinaryDataByteOrderMSB = False
CompressedData = True
CompressedDataSize = 63171994
TransformMatrix = 1 0 0 0 1 0 0 0 1
Offset = -150.381 -59.1476 -1265
CenterOfRotation = 0 0 0
AnatomicalOrientation = RAI
ElementSpacing = 0.800781 0.800781 0.7
DimSize = 404 264 444
ElementType = MET_SHORT
ElementDataFile = 1.2.840.113704.1.111.1404.1110024960.7.zraw
