ObjectType = Image
NDims = 3
BinaryData = True
BinaryDataByteOrderMSB = False
CompressedData = True
CompressedDataSize = 68048766
TransformMatrix = 1 0 0 0 1 0 0 0 1
Offset = -131.969 -9.75285 -280.1
CenterOfRotation = 0 0 0
AnatomicalOrientation = RAI
ElementSpacing = 0.59375 0.59375 0.7
DimSize = 464 304 381
ElementType = MET_SHORT
ElementDataFile = 1.2.840.113704.1.111.4652.1158409220.7.zraw
