ObjectType = Image
NDims = 3
BinaryData = True
BinaryDataByteOrderMSB = False
CompressedData = True
CompressedDataSize = 74130849
TransformMatrix = 1 0 0 0 1 0 0 0 1
Offset = -147.063 -14.4376 -340.5
CenterOfRotation = 0 0 0
AnatomicalOrientation = RAI
ElementSpacing = 0.6875 0.6875 0.7
DimSize = 430 310 426
ElementType = MET_SHORT
ElementDataFile = 1.2.840.113704.1.111.3856.1164442393.7.zraw
