ObjectType = Image
NDims = 3
BinaryData = True
BinaryDataByteOrderMSB = False
CompressedData = True
CompressedDataSize = 74966232
TransformMatrix = 1 0 0 0 1 0 0 0 1
Offset = -135.361 -41.3041 -1198.9
CenterOfRotation = 0 0 0
AnatomicalOrientation = RAI
ElementSpacing = 0.707031 0.707031 0.7
DimSize = 414 368 381
ElementType = MET_SHORT
ElementDataFile = 1.2.840.113704.1.111.1192.1113651795.7.zraw
