ObjectType = Image
NDims = 3
BinaryData = True
BinaryDataByteOrderMSB = False
CompressedData = True
CompressedDataSize = 51518936
TransformMatrix = 1 0 0 0 1 0 0 0 1
Offset = -129.005 -12.8492 -1179.7
CenterOfRotation = 0 0 0
AnatomicalOrientation = RAI
ElementSpacing = 0.78125 0.78125 0.7
DimSize = 346 264 418
ElementType = MET_SHORT
ElementDataFile = 1.2.840.113704.1.111.6132.1119091760.7.zraw
