ObjectType = Image
NDims = 3
BinaryData = True
BinaryDataByteOrderMSB = False
CompressedData = True
CompressedDataSize = 74284545
TransformMatrix = 1 0 0 0 1 0 0 0 1
Offset = -158.406 -5.53125 -511.6
CenterOfRotation = 0 0 0
AnatomicalOrientation = RAI
ElementSpacing = 0.78125 0.78125 0.7
DimSize = 418 320 400
ElementType = MET_SHORT
ElementDataFile = 1.2.840.113704.1.111.1984.1105179486.7.zraw
