ObjectType = Image
NDims = 3
BinaryData = True
BinaryDataByteOrderMSB = False
CompressedData = True
CompressedDataSize = 68946526
TransformMatrix = 1 0 0 0 1 0 0 0 1
Offset = -123.111 4.56507 -1093.8
CenterOfRotation = 0 0 0
AnatomicalOrientation = RAI
ElementSpacing = 0.652344 0.652344 0.7
DimSize = 404 324 403
ElementType = MET_SHORT
ElementDataFile = 1.2.840.113704.1.111.5076.1117270790.7.zraw
