ObjectType = Image
NDims = 3
BinaryData = True
BinaryDataByteOrderMSB = False
CompressedData = True
CompressedDataSize = 63081581
TransformMatrix = 1 0 0 0 1 0 0 0 1
Offset = -158.397 25.5443 921.6
CenterOfRotation = 0 0 0
AnatomicalOrientation = RAI
ElementSpacing = 0.78125 0.78125 0.7
DimSize = 394 270 433
ElementType = MET_SHORT
ElementDataFile = 1.2.840.113704.1.111.1772.1135096182.6.zraw
