ObjectType = Image
NDims = 3
BinaryData = True
BinaryDataByteOrderMSB = False
CompressedData = True
CompressedDataSize = 77802726
TransformMatrix = 1 0 0 0 1 0 0 0 1
Offset = -156.55 -99.0491 990.9
CenterOfRotation = 0 0 0
AnatomicalOrientation = RAI
ElementSpacing = 0.617188 0.617188 0.7
DimSize = 474 302 399
ElementType = MET_SHORT
ElementDataFile = 1.2.840.113704.1.111.4332.1132400990.7.zraw
