ObjectType = Image
NDims = 3
BinaryData = True
BinaryDataByteOrderMSB = False
CompressedData = True
CompressedDataSize = 82993717
TransformMatrix = 1 0 0 0 1 0 0 0 1
Offset = -155.105 -70.5103 -1280.5
CenterOfRotation = 0 0 0
AnatomicalOrientation = RAI
ElementSpacing = 0.669922 0.669922 0.7
DimSize = 476 322 425
ElementType = MET_SHORT
ElementDataFile = 1.2.840.113704.1.111.2132.1111220544.7.zraw
