ObjectType = Image
NDims = 3
BinaryData = True
BinaryDataByteOrderMSB = False
CompressedData = True
CompressedDataSize = 70936534
TransformMatrix = 1 0 0 0 1 0 0 0 1
Offset = -170.709 37.6856 -350.2
CenterOfRotation = 0 0 0
AnatomicalOrientation = RAI
ElementSpacing = 0.775391 0.775391 0.7
DimSize = 418 278 442
ElementType = MET_SHORT
ElementDataFile = 1.2.840.113704.1.111.3416.1184265742.7.zraw
