ObjectType = Image
NDims = 3
BinaryData = True
BinaryDataByteOrderMSB = False
CompressedData = True
CompressedDataSize = 77353906
TransformMatrix = 0.999999 0 0 0 0.999999 0 0 0 1
Offset = -132.197 -82.3998 -1325.6
CenterOfRotation = 0 0 0
AnatomicalOrientation = RAI
ElementSpacing = 0.615234 0.615234 0.7
DimSize = 446 302 465
ElementType = MET_SHORT
ElementDataFile = 1.2.840.113704.1.111.276.1120287318.6.zraw
