ObjectType = Image
NDims = 3
BinaryData = True
BinaryDataByteOrderMSB = False
CompressedData = True
CompressedDataSize = 73375893
TransformMatrix = 1 0 0 0 1 0 0 0 1
Offset = -140.696 -86.7799 -1300
CenterOfRotation = 0 0 0
AnatomicalOrientation = RAI
ElementSpacing = 0.720703 0.720703 0.7
DimSize = 436 312 424
ElementType = MET_SHORT
ElementDataFile = 1.2.840.113704.1.111.1148.1111220210.7.zraw
