ObjectType = Image
NDims = 3
BinaryData = True
BinaryDataByteOrderMSB = False
CompressedData = True
CompressedDataSize = 100864502
TransformMatrix = 0.999999 0 0 0 0.999999 0 0 0 1
Offset = -160.424 -12.161 -303.3
CenterOfRotation = 0 0 0
AnatomicalOrientation = RAI
ElementSpacing = 0.646484 0.646484 0.7
DimSize = 500 360 403
ElementType = MET_SHORT
ElementDataFile = 1.2.840.113704.1.111.4276.1178184813.7.zraw
