ObjectType = Image
NDims = 3
BinaryData = True
BinaryDataByteOrderMSB = False
CompressedData = True
CompressedDataSize = 72710784
TransformMatrix = 1 0 0 0 1 0 0 0 1
Offset = -116.308 -61.8479 -1058.5
CenterOfRotation = 0 0 0
AnatomicalOrientation = RAI
ElementSpacing = 0.609375 0.609375 0.7
DimSize = 438 316 414
ElementType = MET_SHORT
ElementDataFile = 1.2.840.113704.1.111.5564.1132386948.7.zraw
