ObjectType = Image
NDims = 3
BinaryData = True
BinaryDataByteOrderMSB = False
CompressedData = True
CompressedDataSize = 69262618
TransformMatrix = 1 0 0 0 1 0 0 0 1
Offset = -134.82 -73.8955 -1146.3
CenterOfRotation = 0 0 0
AnatomicalOrientation = RAI
ElementSpacing = 0.679688 0.679688 0.7
DimSize = 416 324 399
ElementType = MET_SHORT
ElementDataFile = 1.2.840.113704.1.111.4552.1126344613.7.zraw
