ObjectType = Image
NDims = 3
BinaryData = True
BinaryDataByteOrderMSB = False
CompressedData = True
CompressedDataSize = 85180180
TransformMatrix = 1 0 0 0 1 0 0 0 1
Offset = -182.344 -2.21875 807.1
CenterOfRotation = 0 0 0
AnatomicalOrientation = RAI
ElementSpacing = 0.78125 0.78125 0.7
DimSize = 464 310 436
ElementType = MET_SHORT
ElementDataFile = 1.2.840.113704.1.111.5456.1113032597.11.zraw
