ObjectType = Image
NDims = 3
BinaryData = True
BinaryDataByteOrderMSB = False
CompressedData = True
CompressedDataSize = 77832252
TransformMatrix = 1 0 0 0 1 0 0 0 1
Offset = -162.449 -35.7627 -1143.4
CenterOfRotation = 0 0 0
AnatomicalOrientation = RAI
ElementSpacing = 0.751953 0.751953 0.7
DimSize = 436 324 432
ElementType = MET_SHORT
ElementDataFile = 1.2.840.113704.1.111.4632.1107003426.7.zraw
