ObjectType = Image
NDims = 3
BinaryData = True
BinaryDataByteOrderMSB = False
CompressedData = True
CompressedDataSize = 84811684
TransformMatrix = 1 0 0 0 1 0 0 0 1
Offset = -169.392 14.0147 847.2
CenterOfRotation = 0 0 0
AnatomicalOrientation = RAI
ElementSpacing = 0.691406 0.691406 0.7
DimSize = 434 332 444
ElementType = MET_SHORT
ElementDataFile = 1.2.840.113704.1.111.272.1131110755.7.zraw
