ObjectType = Image
NDims = 3
BinaryData = True
BinaryDataByteOrderMSB = False
CompressedData = True
CompressedDataSize = 78310410
TransformMatrix = 1 0 0 0 1 0 0 0 1
Offset = -176.891 28.4181 918.7
CenterOfRotation = 0 0 0
AnatomicalOrientation = RAI
ElementSpacing = 0.679688 0.679688 0.7
DimSize = 446 310 417
ElementType = MET_SHORT
ElementDataFile = 1.2.840.113704.1.111.7692.1116071648.7.zraw
