ObjectType = Image
NDims = 3
BinaryData = True
BinaryDataByteOrderMSB = False
CompressedData = True
CompressedDataSize = 887389
TransformMatrix = 1 0 0 0 1 0 0 0 1
Offset = -133.161 -29.9628 -1248.5
CenterOfRotation = 0 0 0
AnatomicalOrientation = RAI
ElementSpacing = 0.621094 0.621094 0.7
DimSize = 493 376 349
ElementType = MET_INT
ElementDataFile = 1.2.840.113704.1.111.3356.1097932728_consensusAnnotations.zraw
