ObjectType = Image
NDims = 3
BinaryData = True
BinaryDataByteOrderMSB = False
CompressedData = True
CompressedDataSize = 750109
TransformMatrix = 1 0 0 0 1 0 0 0 1
Offset = -140.429 52.3276 -522.1
CenterOfRotation = 0 0 0
AnatomicalOrientation = RAI
ElementSpacing = 0.664063 0.664063 0.7
DimSize = 432 300 415
ElementType = MET_INT
ElementDataFile = 1.2.840.113704.1.111.3840.1105186168_consensusAnnotations.zraw
