ObjectType = Image
NDims = 3
BinaryData = True
BinaryDataByteOrderMSB = False
CompressedData = False
TransformMatrix = 1 0 0 0 1 0 0 0 1
Offset = -171.161 -352.661 -81.8
CenterOfRotation = 0 0 0
AnatomicalOrientation = RAI
ElementSpacing = 0.677734 0.677734 0.700005
DimSize = 512 512 543
ElementType = MET_UCHAR
ElementDataFile = VESSEL12_09.raw
