ObjectType = Image
NDims = 3
BinaryData = True
BinaryDataByteOrderMSB = False
CompressedData = False
TransformMatrix = 1 0 0 0 1 0 0 0 1
Offset = -171.774 -107.412 -1208.35
CenterOfRotation = 0 0 0
AnatomicalOrientation = RAI
ElementSpacing = 0.707031 0.707031 0.69995
DimSize = 512 512 415
ElementType = MET_UCHAR
ElementDataFile = VESSEL12_02.raw
