ObjectType = Image
NDims = 3
BinaryData = True
BinaryDataByteOrderMSB = False
CompressedData = False
TransformMatrix = 1 0 0 0 1 0 0 0 1
Offset = -197.265 -195.312 2437
CenterOfRotation = 0 0 0
AnatomicalOrientation = RAI
ElementSpacing = 0.713 0.713 1
DimSize = 512 512 386
ElementType = MET_UCHAR
ElementDataFile = VESSEL12_14.raw
