ObjectType = Image
NDims = 3
BinaryData = True
BinaryDataByteOrderMSB = False
CompressedData = False
TransformMatrix = 1 0 0 0 1 0 0 0 1
Offset = -183.593 -177.343 2456.5
CenterOfRotation = 0 0 0
AnatomicalOrientation = RAI
ElementSpacing = 0.692 0.692 1
DimSize = 512 512 396
ElementType = MET_UCHAR
ElementDataFile = VESSEL12_19.raw
