ObjectType = Image
NDims = 3
BinaryData = True
BinaryDataByteOrderMSB = False
CompressedData = False
TransformMatrix = 1 0 0 0 1 0 0 0 1
Offset = -158.707 -326.707 -862.6
CenterOfRotation = 0 0 0
AnatomicalOrientation = RAI
ElementSpacing = 0.585938 0.585938 0.699951
DimSize = 512 512 429
ElementType = MET_UCHAR
ElementDataFile = VESSEL12_17.raw
