ObjectType = Image
NDims = 3
BinaryData = True
BinaryDataByteOrderMSB = False
CompressedData = False
TransformMatrix = 1 0 0 0 1 0 0 0 1
Offset = -199.391 -184.391 -318.85
CenterOfRotation = 0 0 0
AnatomicalOrientation = RAI
ElementSpacing = 0.78125 0.78125 0.699951
DimSize = 512 512 442
ElementType = MET_UCHAR
ElementDataFile = VESSEL12_08.raw
