ObjectType = Image
NDims = 3
BinaryData = True
BinaryDataByteOrderMSB = False
CompressedData = False
TransformMatrix = 1 0 0 0 1 0 0 0 1
Offset = -152.808 -141.155 -1348.35
CenterOfRotation = 0 0 0
AnatomicalOrientation = RAI
ElementSpacing = 0.615234 0.615234 0.69995
DimSize = 512 512 534
ElementType = MET_UCHAR
ElementDataFile = VESSEL12_03.raw
