ObjectType = Image
NDims = 3
BinaryData = True
BinaryDataByteOrderMSB = False
CompressedData = False
TransformMatrix = 1 0 0 0 1 0 0 0 1
Offset = -198.437 -192.187 2548.5
CenterOfRotation = 0 0 0
AnatomicalOrientation = RAI
ElementSpacing = 0.75 0.75 1
DimSize = 512 512 406
ElementType = MET_UCHAR
ElementDataFile = VESSEL12_20.raw
