ObjectType = Image
NDims = 3
BinaryData = True
BinaryDataByteOrderMSB = False
CompressedData = False
TransformMatrix = 1 0 0 0 1 0 0 0 1
Offset = -166.281 -181.552 -1300.35
CenterOfRotation = 0 0 0
AnatomicalOrientation = RAI
ElementSpacing = 0.720703 0.720703 0.69995
DimSize = 512 512 424
ElementType = MET_UCHAR
ElementDataFile = VESSEL12_05.raw
