ObjectType = Image
NDims = 3
BinaryData = True
BinaryDataByteOrderMSB = False
CompressedData = False
TransformMatrix = 1 0 0 0 1 0 0 0 1
Offset = -210.937 -204.101 2247.5
CenterOfRotation = 0 0 0
AnatomicalOrientation = RAI
ElementSpacing = 0.797 0.797 1
DimSize = 512 512 446
ElementType = MET_UCHAR
ElementDataFile = VESSEL12_12.raw
